NUGET
  remote: https://www.nuget.org/api/v2
  specs:
    CommandLineParser (1.9.71)
    Foq (1.6)
    mbunit (3.4.14.0)
    Ninject (3.2.2.0)
    Ninject.MockingKernel (3.2.1.0)
      Ninject (>= 3.2.0.0 <  3.3.0.0)
